GEM
  remote: https://rubygems.org/
  specs:
    nsq-ruby (2.2.0)

PLATFORMS
  ruby

DEPENDENCIES
  nsq-ruby (~> 2.2)

BUNDLED WITH
   1.15.4
