GEM
  remote: https://rubygems.org/
  specs:
    nsq-ruby (2.3.1)

PLATFORMS
  ruby

DEPENDENCIES
  nsq-ruby (~> 2.3)

BUNDLED WITH
   2.4.13
