GEM
  remote: https://rubygems.org/
  specs:
    nsq-ruby (1.6.0)

PLATFORMS
  ruby

DEPENDENCIES
  nsq-ruby

BUNDLED WITH
   1.12.1
